GEM
  remote: https://rubygems.org/
  specs:
    activesupport (6.1.7.3)
      concurrent-ruby (~> 1.0, >= 1.0.2)
      i18n (>= 1.6, < 2)
      minitest (>= 5.1)
      tzinfo (~> 2.0)
      zeitwerk (~> 2.3)
    chronic (0.10.2)
    coderay (1.1.3)
    concurrent-ruby (1.2.2)
    dotenv (2.0.2)
    faraday (1.4.1)
      faraday-excon (~> 1.1)
      faraday-net_http (~> 1.0)
      faraday-net_http_persistent (~> 1.1)
      multipart-post (>= 1.2, < 3)
      ruby2_keywords (>= 0.0.4)
    faraday-excon (1.1.0)
    faraday-net_http (1.0.1)
    faraday-net_http_persistent (1.1.0)
    i18n (1.12.0)
      concurrent-ruby (~> 1.0)
    method_source (1.0.0)
    minitest (5.18.0)
    multipart-post (2.1.1)
    pry (0.14.1)
      coderay (~> 1.1)
      method_source (~> 1.0)
    ruby2_keywords (0.0.4)
    tzinfo (2.0.6)
      concurrent-ruby (~> 1.0)
    whenever (0.9.4)
      chronic (>= 0.6.3)
    zeitwerk (2.6.7)

PLATFORMS
  x86_64-darwin-20
  x86_64-linux

DEPENDENCIES
  activesupport
  dotenv
  faraday
  pry
  whenever

BUNDLED WITH
   2.2.22
